GEM
  remote: https://rubygems.org/
  specs:
    dotenv (0.10.0)
    faraday (0.9.2)
      multipart-post (>= 1.2, < 3)
    faraday_middleware (0.10.0)
      faraday (>= 0.7.4, < 0.10)
    ghee (0.9.10)
      faraday (~> 0.8)
      faraday_middleware (~> 0.9)
      hashie (~> 1.2)
      highline (~> 1.6.15)
      multi_json (~> 1.3)
    hashie (1.2.0)
    highline (1.6.21)
    multi_json (1.11.2)
    multipart-post (2.0.0)
    thor (0.19.1)

PLATFORMS
  ruby

DEPENDENCIES
  dotenv
  ghee
  thor
